PATH
  remote: .
  specs:
    mojibake (1.1.1)
      json (>= 1.7.5, < 1.9)

GEM
  remote: https://rubygems.org/
  specs:
    bouncy-castle-java (1.5.0147)
    jruby-openssl (0.8.8)
      bouncy-castle-java (>= 1.5.0147)
    json (1.8.0)
    json (1.8.0-java)
    minitest (3.5.0)
    rake (10.0.4)
    rdoc (3.12.2)
      json (~> 1.4)
    rjack-maven (3.0.4.0-java)
    rjack-tarpit (2.0.2)
      rake (>= 0.9.2.2, < 10.1)
      rdoc (~> 3.12)
    rjack-tarpit (2.0.2-java)
      jruby-openssl (~> 0.8.1)
      rake (>= 0.9.2.2, < 10.1)
      rdoc (~> 3.12)
      rjack-maven (~> 3.0.4)

PLATFORMS
  java
  ruby

DEPENDENCIES
  minitest (~> 3.2)
  mojibake!
  rjack-tarpit (~> 2.0)
