PATH
  remote: .
  specs:
    mojibake (1.1.2)
      json (>= 1.7.5)

GEM
  remote: https://rubygems.org/
  specs:
    json (2.3.1)
    json (2.3.1-java)
    minitest (4.7.5)
    rake (13.0.1)
    rjack-maven (3.0.5.0-java)
    rjack-tarpit (2.1.2)
      rake (>= 0.9.2.2)
    rjack-tarpit (2.1.2-java)
      rake (>= 0.9.2.2)
      rjack-maven (~> 3.0.4)

PLATFORMS
  java
  ruby

DEPENDENCIES
  minitest (~> 4.7.4)
  mojibake!
  rjack-tarpit (~> 2.1)

BUNDLED WITH
   2.1.4
